GIT
  remote: git://github.com/berkshelf/berkshelf.git
  revision: dc1638c979ded01123d3c0669118f00a96fb1cbf
  specs:
    berkshelf (3.0.0.beta5)
      addressable (~> 2.3.4)
      berkshelf-api-client (~> 1.1)
      buff-config (~> 0.2)
      buff-extensions (~> 0.4)
      buff-shell_out (~> 0.1)
      faraday (~> 0.8.5)
      minitar (~> 0.5.4)
      octokit (~> 2.6)
      retryable (~> 1.3.3)
      ridley (~> 2.3)
      solve (>= 0.8.0)
      thor (~> 0.18.0)

GIT
  remote: git://github.com/berkshelf/vagrant-berkshelf.git
  revision: 8fca7b2f00899d5c51ffd88fc19cbbcd92479e94
  specs:
    vagrant-berkshelf (1.4.0.dev1)
      berkshelf (>= 3.0.0.beta3)

GIT
  remote: git://github.com/mitchellh/vagrant.git
  revision: f9e418a92bb7704ff4e34e3d173901f17c4b700e
  tag: v1.4.2
  specs:
    vagrant (1.4.2)
      childprocess (~> 0.3.7)
      erubis (~> 2.7.0)
      i18n (~> 0.6.0)
      log4r (~> 1.1.9)
      net-scp (~> 1.1.0)
      net-ssh (>= 2.6.6, < 2.8.0)

GIT
  remote: git://github.com/schisamo/vagrant-omnibus.git
  revision: 3d8d55d47dc9b8359afd41d978f6c3f7583ab8c0
  specs:
    vagrant-omnibus (1.2.1)

GEM
  remote: https://rubygems.org/
  specs:
    addressable (2.3.5)
    berkshelf-api-client (1.1.1)
      faraday (~> 0.8.5)
    buff-config (0.4.0)
      buff-extensions (~> 0.3)
      varia_model (~> 0.1)
    buff-extensions (0.5.0)
    buff-ignore (1.1.1)
    buff-ruby_engine (0.1.0)
    buff-shell_out (0.1.1)
      buff-ruby_engine (~> 0.1.0)
    celluloid (0.15.2)
      timers (~> 1.1.0)
    celluloid-io (0.15.0)
      celluloid (>= 0.15.0)
      nio4r (>= 0.5.0)
    childprocess (0.3.9)
      ffi (~> 1.0, >= 1.0.11)
    erubis (2.7.0)
    faraday (0.8.9)
      multipart-post (~> 1.2.0)
    ffi (1.9.3)
    hashie (2.0.5)
    i18n (0.6.9)
    json (1.8.1)
    log4r (1.1.10)
    minitar (0.5.4)
    mixlib-authentication (1.3.0)
      mixlib-log
    mixlib-log (1.6.0)
    multipart-post (1.2.0)
    net-http-persistent (2.9.1)
    net-scp (1.1.2)
      net-ssh (>= 2.6.5)
    net-ssh (2.7.0)
    nio4r (1.0.0)
    octokit (2.7.0)
      sawyer (~> 0.5.2)
    retryable (1.3.4)
    ridley (2.4.1)
      addressable
      buff-config (~> 0.2)
      buff-extensions (~> 0.3)
      buff-ignore (~> 1.1)
      buff-shell_out (~> 0.1)
      celluloid (~> 0.15)
      celluloid-io (~> 0.15)
      erubis
      faraday (~> 0.8.4)
      hashie (>= 2.0.2)
      json (>= 1.7.7)
      mixlib-authentication (>= 1.3.0)
      net-http-persistent (>= 2.8)
      retryable
      solve (>= 0.4.4)
      varia_model (~> 0.3)
    sawyer (0.5.3)
      addressable (~> 2.3.5)
      faraday (~> 0.8, < 0.10)
    solve (0.8.2)
    thor (0.18.1)
    timers (1.1.0)
    varia_model (0.3.2)
      buff-extensions (~> 0.2)
      hashie (>= 2.0.2)

PLATFORMS
  ruby

DEPENDENCIES
  berkshelf!
  vagrant!
  vagrant-berkshelf!
  vagrant-omnibus!
